GEM
  remote: http://rubygems.org/
  specs:
    activesupport (3.0.9)
    diff-lcs (1.1.2)
    haml (3.1.2)
    mini_portile2 (2.8.0)
    nokogiri (1.13.2)
      mini_portile2 (~> 2.8.0)
      racc (~> 1.4)
    racc (1.6.0)
    rack (1.3.0)
    rack-test (0.6.0)
      rack (>= 1.0)
    rake (0.8.7)
    rcov (0.9.9)
    rspec (2.6.0)
      rspec-core (~> 2.6.0)
      rspec-expectations (~> 2.6.0)
      rspec-mocks (~> 2.6.0)
    rspec-core (2.6.4)
    rspec-expectations (2.6.0)
      diff-lcs (~> 1.1.2)
    rspec-mocks (2.6.0)
    sinatra (1.2.6)
      rack (~> 1.1)
      tilt (>= 1.2.2, < 2.0)
    tilt (1.3.2)

PLATFORMS
  ruby

DEPENDENCIES
  activesupport
  haml
  nokogiri
  rack
  rack-test
  rake
  rcov
  rspec
  sinatra
